GEM
  remote: https://rubygems.org/
  specs:
    mustache (1.0.5)

PLATFORMS
  x86_64-darwin-19

DEPENDENCIES
  mustache (~> 1.0.2)

BUNDLED WITH
   2.2.3
